GEM
  remote: http://rubygems.org/
  specs:
    mini_portile2 (2.5.1)
    nokogiri (1.11.4)
      mini_portile2 (~> 2.5.0)
      racc (~> 1.4)
    racc (1.5.2)
    robotstxt (0.5.4)

PLATFORMS
  ruby

DEPENDENCIES
  nokogiri
  robotstxt
