GEM
  remote: http://rubygems.org/
  specs:
    mini_portile2 (2.8.1)
    nokogiri (1.14.3)
      mini_portile2 (~> 2.8.0)
      racc (~> 1.4)
    racc (1.6.2)
    robotstxt (0.5.4)

PLATFORMS
  ruby

DEPENDENCIES
  nokogiri
  robotstxt
