GEM
  remote: http://rubygems.org/
  specs:
    mini_portile2 (2.4.0)
    nokogiri (1.10.8)
      mini_portile2 (~> 2.4.0)
    robotstxt (0.5.4)

PLATFORMS
  ruby

DEPENDENCIES
  nokogiri
  robotstxt
