GEM
  remote: http://rubygems.org/
  specs:
    mini_portile2 (2.6.1)
    nokogiri (1.12.5)
      mini_portile2 (~> 2.6.1)
      racc (~> 1.4)
    racc (1.5.2)
    robotstxt (0.5.4)

PLATFORMS
  ruby

DEPENDENCIES
  nokogiri
  robotstxt
